GEM
  remote: https://rubygems.org/
  specs:
    cfndsl (0.17.pre.5)
    hana (1.3.4)
    json2yaml (0.0.3)
      yajl-ruby
    yajl-ruby (1.4.1)

PLATFORMS
  ruby

DEPENDENCIES
  cfndsl (~> 0.17.pre.5)
  hana
  json2yaml

BUNDLED WITH
   1.16.6
